GEM
  remote: https://www.rubygems.org/
  specs:
    minitest (5.8.3)
    mrspec (0.2.2)
      minitest (~> 5.0)
      rspec-core (~> 3.0)
      what_weve_got_here_is_an_error_to_communicate (~> 0.0.6)
    rouge (1.10.1)
    rspec-core (3.4.1)
      rspec-support (~> 3.4.0)
    rspec-support (3.4.1)
    what_weve_got_here_is_an_error_to_communicate (0.0.6)
      rouge (~> 1.8, != 1.9.1)

PLATFORMS
  ruby

DEPENDENCIES
  mrspec

BUNDLED WITH
   1.10.6
